PATH
  remote: .
  specs:
    gsync (0.0.1)
      log4r (~> 1.1)
      net-ssh (~> 3.1)
      trollop (~> 2.1)

GEM
  remote: https://rubygems.org/
  specs:
    log4r (1.1.10)
    net-ssh (3.1.1)
    trollop (2.1.2)

PLATFORMS
  ruby

DEPENDENCIES
  gsync!

BUNDLED WITH
   1.10.6
